PATH
  remote: .
  specs:
    stock_markets (0.2.0)

GEM
  remote: https://rubygems.org/
  specs:
    addressable (2.5.2)
      public_suffix (>= 2.0.2, < 4.0)
    crack (0.4.3)
      safe_yaml (~> 1.0.0)
    hashdiff (0.3.8)
    metaclass (0.0.4)
    minitest (5.11.3)
    mocha (1.8.0)
      metaclass (~> 0.0.1)
    public_suffix (3.0.3)
    rake (10.5.0)
    safe_yaml (1.0.5)
    webmock (3.5.1)
      addressable (>= 2.3.6)
      crack (>= 0.3.2)
      hashdiff

PLATFORMS
  ruby

DEPENDENCIES
  bundler (~> 2.0)
  minitest (~> 5.0)
  mocha (~> 1.8, >= 1.8.0)
  rake (~> 10.0)
  stock_markets!
  webmock (~> 3.5, >= 3.5.1)

BUNDLED WITH
   2.0.1
